GEM
  remote: https://rubygems.org/
  specs:
    coderay (1.1.2)
    concurrent-ruby (1.1.5)
    couchrest (2.0.1)
      httpclient (~> 2.8)
      mime-types (>= 1.15)
      multi_json (~> 1.7)
    htmlentities (4.3.4)
    httpclient (2.8.3)
    method_source (0.9.2)
    mime-types (3.2.2)
      mime-types-data (~> 3.2015)
    mime-types-data (3.2019.0331)
    multi_json (1.13.1)
    ox (2.10.0)
    pry (0.12.2)
      coderay (~> 1.1.0)
      method_source (~> 0.9.0)
    pry-doc (1.0.0)
      pry (~> 0.11)
      yard (~> 0.9.11)
    pry-remote (0.1.8)
      pry (~> 0.9)
      slop (~> 3.0)
    slop (3.6.0)
    yard (0.9.20)

PLATFORMS
  ruby

DEPENDENCIES
  concurrent-ruby (~> 1.1)
  couchrest (~> 2.0)
  htmlentities (~> 4.3)
  ox (~> 2.10)
  pry (~> 0.12.2)
  pry-doc (~> 1.0)
  pry-remote (~> 0.1.8)

BUNDLED WITH
   1.17.2
