GEM
  remote: https://rubygems.org/
  specs:
    coderay (1.1.2)
    htmlentities (4.3.4)
    method_source (0.9.2)
    ox (2.10.0)
    pry (0.12.2)
      coderay (~> 1.1.0)
      method_source (~> 0.9.0)
    pry-doc (1.0.0)
      pry (~> 0.11)
      yard (~> 0.9.11)
    pry-remote (0.1.8)
      pry (~> 0.9)
      slop (~> 3.0)
    slop (3.6.0)
    yard (0.9.19)

PLATFORMS
  ruby

DEPENDENCIES
  htmlentities (~> 4.3)
  ox (~> 2.10)
  pry (~> 0.12.2)
  pry-doc (~> 1.0)
  pry-remote (~> 0.1.8)

BUNDLED WITH
   1.17.2
